GEM
  remote: https://rubygems.org/
  specs:
    kramdown (1.0.1)
    moji (1.6)

PLATFORMS
  ruby

DEPENDENCIES
  kramdown
  moji
